GEM
  remote: http://rubygems.org/
  specs:
    Ascii85 (1.0.1)
    Saikuro (1.1.0)
    actionmailer (2.3.11)
      actionpack (= 2.3.11)
    actionpack (2.3.11)
      activesupport (= 2.3.11)
      rack (~> 1.1.0)
    activerecord (2.3.11)
      activesupport (= 2.3.11)
    activeresource (2.3.11)
      activesupport (= 2.3.11)
    activesupport (2.3.11)
    arrayfields (4.7.4)
    builder (2.1.2)
    capybara (1.0.1)
      mime-types (>= 1.16)
      nokogiri (>= 1.3.3)
      rack (>= 1.0.0)
      rack-test (>= 0.5.4)
      selenium-webdriver (~> 2.0)
      xpath (~> 0.1.4)
    childprocess (0.2.2)
      ffi (~> 1.0.6)
    chronic (0.3.0)
    churn (0.0.13)
      chronic (>= 0.2.3)
      hirb
      json_pure
      main
      ruby_parser (~> 2.0.4)
      sexp_processor (~> 3.0.3)
    colored (1.2)
    configuration (1.3.1)
    couchrest (0.34)
      mime-types (>= 1.15)
      rest-client (>= 0.5)
    cucumber (0.9.4)
      builder (~> 2.1.2)
      diff-lcs (~> 1.1.2)
      gherkin (~> 2.2.9)
      json (~> 1.4.6)
      term-ansicolor (~> 1.0.5)
    cucumber-rails (0.3.2)
      cucumber (>= 0.8.0)
    dictionary (1.0.0)
    diff-lcs (1.1.3)
    erubis (2.7.0)
    escape (0.0.4)
    fastercsv (1.5.3)
    fattr (2.2.0)
    ffi (1.0.9)
    flay (1.4.3)
      ruby_parser (~> 2.0)
      sexp_processor (~> 3.0)
    flog (2.5.3)
      ruby_parser (~> 2.0)
      sexp_processor (~> 3.0)
    gherkin (2.2.9)
      json (~> 1.4.6)
      term-ansicolor (~> 1.0.5)
    haml (3.1.3)
    hirb (0.5.0)
    hoptoad_notifier (2.4.2)
      activesupport
      builder
    hpricot (0.8.2)
    i18n (0.6.0)
    json (1.4.6)
    json_pure (1.4.6)
    launchy (0.4.0)
      configuration (>= 0.0.5)
      rake (>= 0.8.1)
    main (4.7.1)
    map (4.6.1)
    metric_fu (2.1.0)
      Saikuro (>= 1.1.0)
      activesupport (>= 2.0.0)
      chronic (~> 0.3.0)
      churn (>= 0.0.7)
      flay (>= 1.2.1)
      flog (>= 2.3.0)
      rails_best_practices (>= 0.6.4)
      rcov (>= 0.8.3.3)
      reek (>= 1.2.6)
      roodi (>= 2.1.0)
      syntax
    mime-types (1.16)
    mini_magick (1.3.2)
      subexec (~> 0.0.4)
    nokogiri (1.5.0)
    pdf-reader (0.8.6)
      Ascii85 (>= 0.9)
    prawn (0.8.4)
      prawn-core (>= 0.8.4, < 0.9)
      prawn-layout (>= 0.8.4, < 0.9)
      prawn-security (>= 0.8.4, < 0.9)
    prawn-core (0.8.4)
    prawn-layout (0.8.4)
    prawn-security (0.8.4)
    rack (1.1.2)
    rack-test (0.6.1)
      rack (>= 1.0)
    rails (2.3.11)
      actionmailer (= 2.3.11)
      actionpack (= 2.3.11)
      activerecord (= 2.3.11)
      activeresource (= 2.3.11)
      activesupport (= 2.3.11)
      rake (>= 0.8.3)
    rails_best_practices (0.10.1)
      activesupport
      colored
      erubis
      haml
      i18n
      ruby-progressbar
      ruby_parser
    rake (0.9.2)
    rcov (0.9.11)
    reek (1.2.8)
      ruby2ruby (~> 1.2)
      ruby_parser (~> 2.0)
      sexp_processor (~> 3.0)
    rest-client (1.3.0)
      mime-types (>= 1.16)
    ripper (1.0.2)
    roodi (2.1.0)
      ruby_parser
    rsolr (0.12.1)
      builder (>= 2.1.2)
    rspec (1.3.2)
    rspec-rails (1.3.4)
      rack (>= 1.0.0)
      rspec (~> 1.3.1)
    ruby-progressbar (0.0.10)
    ruby2ruby (1.3.1)
      ruby_parser (~> 2.0)
      sexp_processor (~> 3.0)
    ruby_parser (2.0.6)
      sexp_processor (~> 3.0)
    rubyzip (0.9.4)
    selenium-webdriver (2.8.0)
      childprocess (>= 0.2.1)
      ffi (>= 1.0.7)
      json_pure
      rubyzip
    sexp_processor (3.0.7)
    subexec (0.0.4)
    sunspot (1.1.0)
      escape (= 0.0.4)
      rsolr (= 0.12.1)
    syntax (1.0.0)
    term-ansicolor (1.0.6)
    tzinfo (0.3.30)
    uuidtools (2.1.1)
    validatable (1.6.7)
    webrat (0.7.1)
      nokogiri (>= 1.2.0)
      rack (>= 1.0)
      rack-test (>= 0.5.3)
    xpath (0.1.4)
      nokogiri (~> 1.3)

PLATFORMS
  ruby

DEPENDENCIES
  arrayfields (= 4.7.4)
  capybara (= 1.0.1)
  couchrest (= 0.34)
  cucumber (= 0.9.4)
  cucumber-rails (= 0.3.2)
  dictionary (= 1.0.0)
  fastercsv (= 1.5.3)
  fattr (= 2.2.0)
  hoptoad_notifier (= 2.4.2)
  hpricot (= 0.8.2)
  json (= 1.4.6)
  json_pure (= 1.4.6)
  launchy (= 0.4.0)
  map (= 4.6.1)
  metric_fu (= 2.1.0)
  mime-types (= 1.16)
  mini_magick (= 1.3.2)
  pdf-reader (= 0.8.6)
  prawn (= 0.8.4)
  rails (= 2.3.11)
  rails_best_practices (= 0.10.1)
  rest-client (= 1.3.0)
  ripper (= 1.0.2)
  rspec (= 1.3.2)
  rspec-rails (= 1.3.4)
  subexec (= 0.0.4)
  sunspot (= 1.1.0)
  tzinfo
  uuidtools (= 2.1.1)
  validatable (= 1.6.7)
  webrat (= 0.7.1)
