GEM
  remote: http://rubygems.org/
  specs:
    Ascii85 (1.0.0)
    actionmailer (2.3.11)
      actionpack (= 2.3.11)
    actionpack (2.3.11)
      activesupport (= 2.3.11)
      rack (~> 1.1.0)
    activerecord (2.3.11)
      activesupport (= 2.3.11)
    activeresource (2.3.11)
      activesupport (= 2.3.11)
    activesupport (2.3.11)
    addressable (2.2.5)
    barista (1.0.0)
      coffee-script (~> 2.1.1)
    builder (2.1.2)
    childprocess (0.1.8)
      ffi (~> 1.0.6)
    coffee-script (2.1.3)
      coffee-script-source
    coffee-script-source (1.0.1)
    configuration (1.2.0)
    couchrest (0.34)
      mime-types (>= 1.15)
      rest-client (>= 0.5)
    cucumber (0.9.4)
      builder (~> 2.1.2)
      diff-lcs (~> 1.1.2)
      gherkin (~> 2.2.9)
      json (~> 1.4.6)
      term-ansicolor (~> 1.0.5)
    cucumber-rails (0.3.2)
      cucumber (>= 0.8.0)
    dictionary (1.0.0)
    diff-lcs (1.1.2)
    em-websocket (0.2.1)
      addressable (>= 2.1.1)
      eventmachine (>= 0.12.9)
    escape (0.0.4)
    eventmachine (0.12.10)
    fastercsv (1.5.3)
    ffi (1.0.7)
      rake (>= 0.8.7)
    gherkin (2.2.9)
      json (~> 1.4.6)
      term-ansicolor (~> 1.0.5)
    growl (1.0.3)
    guard (0.3.0)
      open_gem (~> 1.4.2)
      thor (~> 0.14.6)
    guard-coffeescript (0.1.7)
      coffee-script (~> 2.1.1)
      guard (~> 0.3.0)
    guard-livereload (0.1.9)
      em-websocket (~> 0.2.0)
      guard (>= 0.2.2)
      json (~> 1.4.6)
    hoptoad_notifier (2.4.2)
      activesupport
      builder
    hpricot (0.8.2)
    jasmine (1.0.2.0)
      json_pure (>= 1.4.3)
      rack (>= 1.1)
      rspec (>= 1.3.1)
      selenium-webdriver (>= 0.1.3)
    json (1.4.6)
    json_pure (1.4.6)
    launchy (0.3.7)
      configuration (>= 0.0.5)
      rake (>= 0.8.1)
    mime-types (1.16)
    mini_magick (1.3.2)
      subexec (~> 0.0.4)
    nokogiri (1.4.4)
    open_gem (1.4.2)
      launchy (~> 0.3.5)
    pdf-reader (0.8.6)
      Ascii85 (>= 0.9)
    prawn (0.8.4)
      prawn-core (< 0.9, >= 0.8.4)
      prawn-layout (< 0.9, >= 0.8.4)
      prawn-security (< 0.9, >= 0.8.4)
    prawn-core (0.8.4)
    prawn-layout (0.8.4)
    prawn-security (0.8.4)
    rack (1.1.2)
    rack-asset-compiler (0.0.2)
      rack
    rack-test (0.5.7)
      rack (>= 1.0)
    rails (2.3.11)
      actionmailer (= 2.3.11)
      actionpack (= 2.3.11)
      activerecord (= 2.3.11)
      activeresource (= 2.3.11)
      activesupport (= 2.3.11)
      rake (>= 0.8.3)
    rake (0.8.7)
    rb-fsevent (0.4.0)
    rest-client (1.3.0)
      mime-types (>= 1.16)
    rsolr (0.12.1)
      builder (>= 2.1.2)
    rspec (1.3.2)
    rspec-rails (1.3.2)
      rack (>= 1.0.0)
      rspec (>= 1.3.0)
    rubyzip (0.9.4)
    selenium-webdriver (0.1.4)
      childprocess (>= 0.1.7)
      ffi (>= 1.0.7)
      json_pure
      rubyzip
    subexec (0.0.4)
    sunspot (1.1.0)
      escape (= 0.0.4)
      rsolr (= 0.12.1)
    term-ansicolor (1.0.5)
    therubyracer (0.8.1)
    thor (0.14.6)
    uuidtools (2.1.1)
    validatable (1.6.7)
    webrat (0.7.1)
      nokogiri (>= 1.2.0)
      rack (>= 1.0)
      rack-test (>= 0.5.3)

PLATFORMS
  ruby

DEPENDENCIES
  barista (= 1.0.0)
  couchrest (= 0.34)
  cucumber (= 0.9.4)
  cucumber-rails (= 0.3.2)
  dictionary (= 1.0.0)
  fastercsv (= 1.5.3)
  growl
  guard
  guard-coffeescript
  guard-livereload
  hoptoad_notifier (= 2.4.2)
  hpricot (= 0.8.2)
  jasmine (= 1.0.2.0)
  json (= 1.4.6)
  json_pure (= 1.4.6)
  mime-types (= 1.16)
  mini_magick (= 1.3.2)
  pdf-reader (= 0.8.6)
  prawn (= 0.8.4)
  rack-asset-compiler
  rails (= 2.3.11)
  rb-fsevent
  rest-client (= 1.3.0)
  rspec (= 1.3.2)
  rspec-rails (= 1.3.2)
  subexec (= 0.0.4)
  sunspot (= 1.1.0)
  therubyracer
  uuidtools (= 2.1.1)
  validatable (= 1.6.7)
  webrat (= 0.7.1)
